GIT
  remote: https://github.com/bobtfish/hiera-puppet-helper.git
  revision: 155f132c0b225db4ff64db49f17d6c5bf354b871
  specs:
    hiera-puppet-helper (2.0.1)

GEM
  remote: https://rubygems.org/
  specs:
    addressable (2.4.0)
    awesome_print (1.8.0)
    backports (3.10.3)
    coderay (1.1.2)
    diff-lcs (1.3)
    domain_name (0.5.20170404)
      unf (>= 0.0.5, < 1.0.0)
    ethon (0.11.0)
      ffi (>= 1.3.0)
    facter (2.5.1)
    facterdb (0.4.1)
      facter
      jgrep
    faraday (0.13.1)
      multipart-post (>= 1.2, < 3)
    faraday_middleware (0.12.2)
      faraday (>= 0.7.4, < 1.0)
    fast_gettext (1.1.0)
    ffi (1.9.18)
    gettext (3.2.4)
      locale (>= 2.0.5)
      text (>= 1.3.0)
    gettext-setup (0.28)
      fast_gettext (~> 1.1.0)
      gettext (>= 3.0.2)
      locale
    gh (0.15.1)
      addressable (~> 2.4.0)
      backports
      faraday (~> 0.8)
      multi_json (~> 1.0)
      net-http-persistent (~> 2.9)
      net-http-pipeline
    hiera (3.4.2)
    highline (1.7.8)
    http-cookie (1.0.3)
      domain_name (~> 0.5)
    jgrep (1.5.0)
    json (2.1.0)
    json-schema (2.8.0)
      addressable (>= 2.4)
    json_pure (1.8.6)
    launchy (2.4.3)
      addressable (~> 2.3)
    locale (2.1.2)
    metaclass (0.0.4)
    metadata-json-lint (2.0.2)
      json-schema (~> 2.8)
      spdx-licenses (~> 1.0)
    method_source (0.9.0)
    mime-types (3.1)
      mime-types-data (~> 3.2015)
    mime-types-data (3.2016.0521)
    mocha (1.3.0)
      metaclass (~> 0.0.1)
    multi_json (1.12.2)
    multipart-post (2.0.0)
    net-http-persistent (2.9.4)
    net-http-pipeline (1.0.1)
    netrc (0.11.0)
    pluginator (1.5.0)
    pry (0.11.2)
      coderay (~> 1.1.0)
      method_source (~> 0.9.0)
    puppet (4.10.8)
      facter (> 2.0, < 4)
      gettext-setup (>= 0.10, < 1)
      hiera (>= 2.0, < 4)
      json_pure (~> 1.8)
      locale (~> 2.1)
    puppet-blacksmith (4.0.1)
      rest-client (~> 2.0)
    puppet-debugger (0.9.0)
      awesome_print (~> 1.7)
      facterdb (~> 0.4.0)
      pluginator (~> 1.5.0)
      puppet (>= 3.8)
    puppet-lint (2.3.3)
    puppet-syntax (2.4.1)
      rake
    puppetlabs_spec_helper (2.4.0)
      mocha (~> 1.0)
      puppet-lint (~> 2.0)
      puppet-syntax (~> 2.0)
      rspec-puppet (~> 2.0)
    pusher-client (0.6.2)
      json
      websocket (~> 1.0)
    rake (12.2.1)
    rest-client (2.0.2)
      http-cookie (>= 1.0.2, < 2.0)
      mime-types (>= 1.16, < 4.0)
      netrc (~> 0.8)
    rspec (3.7.0)
      rspec-core (~> 3.7.0)
      rspec-expectations (~> 3.7.0)
      rspec-mocks (~> 3.7.0)
    rspec-core (3.7.0)
      rspec-support (~> 3.7.0)
    rspec-expectations (3.7.0)
      diff-lcs (>= 1.2.0, < 2.0)
      rspec-support (~> 3.7.0)
    rspec-mocks (3.7.0)
      diff-lcs (>= 1.2.0, < 2.0)
      rspec-support (~> 3.7.0)
    rspec-puppet (2.6.9)
      rspec
    rspec-puppet-utils (3.4.0)
      mocha
      puppet
      puppetlabs_spec_helper
      rspec
      rspec-puppet
    rspec-support (3.7.0)
    slack-notifier (2.3.1)
    spdx-licenses (1.1.0)
    text (1.3.1)
    travis (1.8.8)
      backports
      faraday (~> 0.9)
      faraday_middleware (~> 0.9, >= 0.9.1)
      gh (~> 0.13)
      highline (~> 1.6)
      launchy (~> 2.1)
      pusher-client (~> 0.4)
      typhoeus (~> 0.6, >= 0.6.8)
    travis-lint (2.0.0)
      json
    typhoeus (0.8.0)
      ethon (>= 0.8.0)
    unf (0.1.4)
      unf_ext
    unf_ext (0.0.7.4)
    websocket (1.2.4)

PLATFORMS
  ruby

DEPENDENCIES
  hiera-puppet-helper!
  metadata-json-lint
  pry
  puppet (~> 4.10)
  puppet-blacksmith
  puppet-debugger
  puppet-lint
  puppet-syntax
  puppetlabs_spec_helper
  rake
  rspec-puppet
  rspec-puppet-utils
  slack-notifier
  travis
  travis-lint

BUNDLED WITH
   1.15.4
